GIT
  remote: https://github.com/juanpastas/sinatra.git
  revision: 5a101bb28a148a050f5878cd605141f9c3f3f97c
  specs:
    sinatra (1.4.0)
      rack (~> 1.3, >= 1.3.6)
      rack-protection (~> 1.2)
      tilt (~> 1.3, >= 1.3.3)

GEM
  remote: http://rubygems.org/
  specs:
    busgogo (0.2.0)
    json (1.8.1)
    rack (1.5.2)
    rack-protection (1.5.3)
      rack
    tilt (1.4.1)

PLATFORMS
  ruby

DEPENDENCIES
  busgogo
  json
  sinatra!
