GEM
  remote: http://rubygems.org/
  specs:
    open-uri
    rubygems
    mechanize
    nokogiri
    sinatra

PLATFORMS
  ruby

DEPENDENCIES
  sinatra
