GEM
  remote: http://rubygems.org/
  specs:
    backports (3.6.3)
    busgogo (0.1.0)
    em-websocket (0.5.1)
      eventmachine (>= 0.12.9)
      http_parser.rb (~> 0.6.0)
    eventmachine (1.0.3)
    eventmachine (1.0.3-java)
    http_parser.rb (0.6.0)
    http_parser.rb (0.6.0-java)
    json (1.8.1)
    json (1.8.1-java)
    multi_json (1.10.1)
    rack (1.5.2)
    rack-protection (1.5.3)
      rack
    rack-test (0.6.2)
      rack (>= 1.0)
    sinatra (1.4.5)
      rack (~> 1.4)
      rack-protection (~> 1.4)
      tilt (~> 1.3, >= 1.3.4)
    sinatra-contrib (1.4.2)
      backports (>= 2.0)
      multi_json
      rack-protection
      rack-test
      sinatra (~> 1.4.0)
      tilt (~> 1.3)
    tilt (1.4.1)

PLATFORMS
  java
  ruby

DEPENDENCIES
  busgogo
  em-websocket
  json
  sinatra
  sinatra-contrib
